GEM
  remote: https://rubygems.org/
  specs:

PLATFORMS
  x64-mingw-ucrt

DEPENDENCIES
  rubocop (>= 1.0, < 2.0)

BUNDLED WITH
   2.4.10
